PATH
  remote: .
  specs:
    prawn-component (0.0.1)
      prawn (~> 1.3.0)

GEM
  remote: https://rubygems.org/
  specs:
    minitest (5.4.2)
    pdf-core (0.4.0)
    prawn (1.3.0)
      pdf-core (~> 0.4.0)
      ttfunk (~> 1.4.0)
    rake (10.3.2)
    ttfunk (1.4.0)

PLATFORMS
  ruby

DEPENDENCIES
  bundler (~> 1.7)
  minitest (>= 0.0)
  prawn-component!
  rake (~> 10.0)
